GIT
  remote: http://github.com/mikemaltese/daffy.git
  revision: 5072022acacc12a7971f8a296ec0ac404e4bb172
  specs:
    daffy (0.0.1)

GIT
  remote: http://github.com/mikemaltese/htmldiff.git
  revision: 0941b8159d6d122aa4aee68f8eff1621ed46478d
  specs:
    htmldiff (0.0.1)

GIT
  remote: http://github.com/mikemaltese/sunspot.git
  revision: b8ff5d8814f994e553c3bb5fdfeb28cb63b213b7
  specs:
    sunspot (1.2.1)
      escape (= 0.0.4)
      pr_geohash (~> 1.0)
      rsolr (= 0.12.1)
    sunspot_rails (1.2.1)
      nokogiri
      sunspot (= 1.2.1)

GIT
  remote: http://github.com/plataformatec/devise.git
  revision: 9f763d082a51d5b0c50c884b044a8900faada8bf
  tag: v1.3.4
  specs:
    devise (1.3.4)
      bcrypt-ruby (~> 2.1.2)
      orm_adapter (~> 0.0.3)
      warden (~> 1.0.3)

PATH
  remote: lib/sl_data
  specs:
    sl_data (0.0.0)
      activerecord
      paperclip (~> 2.3)
      rails

PATH
  remote: lib/sl_webdav
  specs:
    sl_webdav (0)
      activesupport
      rack
      sinatra
      sl_workflow_data

PATH
  remote: lib/sl_workflow_data
  specs:
    sl_workflow_data (0)
      activerecord
      htmldiff
      htmlentities
      rails
      sl_data

PATH
  remote: lib/workflow-conductor
  specs:
    workflow-conductor (0.0.0)
      rails

GEM
  remote: http://rubygems.org/
  specs:
    abstract (1.0.0)
    actionmailer (3.0.7)
      actionpack (= 3.0.7)
      mail (~> 2.2.15)
    actionpack (3.0.7)
      activemodel (= 3.0.7)
      activesupport (= 3.0.7)
      builder (~> 2.1.2)
      erubis (~> 2.6.6)
      i18n (~> 0.5.0)
      rack (~> 1.2.1)
      rack-mount (~> 0.6.14)
      rack-test (~> 0.5.7)
      tzinfo (~> 0.3.23)
    activemodel (3.0.7)
      activesupport (= 3.0.7)
      builder (~> 2.1.2)
      i18n (~> 0.5.0)
    activerecord (3.0.7)
      activemodel (= 3.0.7)
      activesupport (= 3.0.7)
      arel (~> 2.0.2)
      tzinfo (~> 0.3.23)
    activeresource (3.0.7)
      activemodel (= 3.0.7)
      activesupport (= 3.0.7)
    activesupport (3.0.7)
    arel (2.0.10)
    bcrypt-ruby (2.1.4)
    builder (2.1.2)
    cocaine (0.1.0)
    erubis (2.6.6)
      abstract (>= 1.0.0)
    escape (0.0.4)
    has_scope (0.5.0)
    high_voltage (1.0.0)
    htmlentities (4.3.0)
    i18n (0.5.0)
    inherited_resources (1.2.2)
      has_scope (~> 0.5.0)
      responders (~> 0.6.0)
    kgio (2.6.0)
    mail (2.2.19)
      activesupport (>= 2.3.6)
      i18n (>= 0.4.0)
      mime-types (~> 1.16)
      treetop (~> 1.4.8)
    memcache-client (1.8.5)
    mime-types (1.16)
    mysql2 (0.3.6)
    nokogiri (1.5.0)
    orm_adapter (0.0.5)
    paperclip (2.3.15)
      activerecord (>= 2.3.0)
      activesupport (>= 2.3.2)
      cocaine (>= 0.0.2)
      mime-types
    pg (0.11.0)
    polyglot (0.3.1)
    pr_geohash (1.0.0)
    rack (1.2.3)
    rack-mount (0.6.14)
      rack (>= 1.0.0)
    rack-test (0.5.7)
      rack (>= 1.0)
    rails (3.0.7)
      actionmailer (= 3.0.7)
      actionpack (= 3.0.7)
      activerecord (= 3.0.7)
      activeresource (= 3.0.7)
      activesupport (= 3.0.7)
      bundler (~> 1.0)
      railties (= 3.0.7)
    railties (3.0.7)
      actionpack (= 3.0.7)
      activesupport (= 3.0.7)
      rake (>= 0.8.7)
      thor (~> 0.14.4)
    raindrops (0.7.0)
    rake (0.9.2)
    responders (0.6.4)
    rsolr (0.12.1)
      builder (>= 2.1.2)
    sinatra (1.2.6)
      rack (~> 1.1)
      tilt (>= 1.2.2, < 2.0)
    sqlite3 (1.3.4)
    sqlite3-ruby (1.3.3)
      sqlite3 (>= 1.3.3)
    thor (0.14.6)
    tilt (1.3.2)
    treetop (1.4.9)
      polyglot (>= 0.3.1)
    tzinfo (0.3.29)
    unicorn (4.0.1)
      kgio (~> 2.4)
      rack
      raindrops (~> 0.6)
    warden (1.0.4)
      rack (>= 1.0)
    yaml_db (0.2.1)

PLATFORMS
  ruby

DEPENDENCIES
  daffy!
  devise!
  high_voltage
  htmldiff!
  inherited_resources (~> 1.2.1)
  memcache-client
  mysql2
  paperclip (~> 2.3)
  pg
  rack (~> 1.2.2)
  rails (= 3.0.7)
  responders
  sl_data!
  sl_webdav!
  sl_workflow_data!
  sqlite3-ruby
  sunspot_rails!
  unicorn
  workflow-conductor!
  yaml_db
