GIT
  remote: git://github.com/mikemaltese/htmldiff.git
  revision: 0941b8159d6d122aa4aee68f8eff1621ed46478d
  specs:
    htmldiff (0.0.1)

PATH
  remote: lib/workflow-conductor
  specs:
    workflow-conductor (0.0.0)
      rails

PATH
  remote: lib/workflow-dav
  specs:
    workflow-dav (0.1.0)
      activesupport
      builder
      rack
      sinatra
      workflow-incopy

PATH
  remote: lib/workflow-forms
  specs:
    workflow-forms (0.0.0)

PATH
  remote: lib/workflow-incopy
  specs:
    workflow-incopy (0.1.0)
      nokogiri

PATH
  remote: lib/workflow-twitter
  specs:
    workflow-twitter (0.0.0)
      twitter

GEM
  remote: http://rubygems.org/
  specs:
    abstract (1.0.0)
    actionmailer (3.0.5)
      actionpack (= 3.0.5)
      mail (~> 2.2.15)
    actionpack (3.0.5)
      activemodel (= 3.0.5)
      activesupport (= 3.0.5)
      builder (~> 2.1.2)
      erubis (~> 2.6.6)
      i18n (~> 0.4)
      rack (~> 1.2.1)
      rack-mount (~> 0.6.13)
      rack-test (~> 0.5.7)
      tzinfo (~> 0.3.23)
    activemodel (3.0.5)
      activesupport (= 3.0.5)
      builder (~> 2.1.2)
      i18n (~> 0.4)
    activerecord (3.0.5)
      activemodel (= 3.0.5)
      activesupport (= 3.0.5)
      arel (~> 2.0.2)
      tzinfo (~> 0.3.23)
    activeresource (3.0.5)
      activemodel (= 3.0.5)
      activesupport (= 3.0.5)
    activesupport (3.0.5)
    addressable (2.2.4)
    arel (2.0.9)
    authlogic (2.1.6)
      activesupport
    builder (2.1.2)
    erubis (2.6.6)
      abstract (>= 1.0.0)
    escape (0.0.4)
    factory_girl (1.3.3)
    factory_girl_rails (1.0.1)
      factory_girl (~> 1.3)
      railties (>= 3.0.0)
    faraday (0.5.7)
      addressable (~> 2.2.4)
      multipart-post (~> 1.1.0)
      rack (>= 1.1.0, < 2)
    faraday_middleware (0.3.2)
      faraday (~> 0.5.4)
    has_scope (0.5.0)
    hashie (1.0.0)
    high_voltage (0.9.3)
    htmlentities (4.3.0)
    i18n (0.5.0)
    inherited_resources (1.2.1)
      has_scope (~> 0.5.0)
      responders (~> 0.6.0)
    kgio (2.3.3)
    mail (2.2.15)
      activesupport (>= 2.3.6)
      i18n (>= 0.4.0)
      mime-types (~> 1.16)
      treetop (~> 1.4.8)
    memcache-client (1.8.5)
    mime-types (1.16)
    multi_json (0.0.5)
    multi_xml (0.2.2)
    multipart-post (1.1.0)
    mysql2 (0.2.7)
    nokogiri (1.4.4)
    paperclip (2.3.8)
      activerecord
      activesupport
    polyglot (0.3.1)
    pr_geohash (1.0.0)
    rack (1.2.2)
    rack-mount (0.6.14)
      rack (>= 1.0.0)
    rack-test (0.5.7)
      rack (>= 1.0)
    rails (3.0.5)
      actionmailer (= 3.0.5)
      actionpack (= 3.0.5)
      activerecord (= 3.0.5)
      activeresource (= 3.0.5)
      activesupport (= 3.0.5)
      bundler (~> 1.0)
      railties (= 3.0.5)
    railties (3.0.5)
      actionpack (= 3.0.5)
      activesupport (= 3.0.5)
      rake (>= 0.8.7)
      thor (~> 0.14.4)
    rake (0.8.7)
    responders (0.6.2)
    rsolr (0.12.1)
      builder (>= 2.1.2)
    simple_oauth (0.1.4)
    sinatra (1.2.1)
      rack (~> 1.1)
      tilt (>= 1.2.2, < 2.0)
    sqlite3 (1.3.3)
    sqlite3-ruby (1.3.3)
      sqlite3 (>= 1.3.3)
    sunspot (1.2.1)
      escape (= 0.0.4)
      pr_geohash (~> 1.0)
      rsolr (= 0.12.1)
    sunspot_rails (1.2.1)
      nokogiri
      sunspot (= 1.2.1)
    thor (0.14.6)
    tilt (1.2.2)
    treetop (1.4.9)
      polyglot (>= 0.3.1)
    twitter (1.2.0)
      faraday (~> 0.5.4)
      faraday_middleware (~> 0.3.2)
      hashie (~> 1.0.0)
      multi_json (~> 0.0.5)
      multi_xml (~> 0.2.0)
      simple_oauth (~> 0.1.4)
    tzinfo (0.3.26)
    unicorn (3.5.0)
      kgio (~> 2.3)
      rack
    yaml_db (0.2.0)

PLATFORMS
  ruby

DEPENDENCIES
  authlogic
  factory_girl_rails
  high_voltage
  htmldiff!
  htmlentities
  inherited_resources (~> 1.2.1)
  memcache-client
  mysql2
  paperclip (~> 2.3)
  rack (~> 1.2.2)
  rails (= 3.0.5)
  responders
  sinatra
  sqlite3-ruby
  sunspot_rails (~> 1.2.1)
  unicorn
  workflow-conductor!
  workflow-dav!
  workflow-forms!
  workflow-incopy!
  workflow-twitter!
  yaml_db
