GIT
  remote: git://github.com/mikemaltese/htmldiff.git
  revision: 0941b8159d6d122aa4aee68f8eff1621ed46478d
  specs:
    htmldiff (0.0.1)

GIT
  remote: https://github.com/rack/rack.git
  revision: ee1285f959eb77e450997676aee5026280d81bde
  ref: ee1285
  specs:
    rack (1.2.1)

GIT
  remote: https://github.com/rails/arel.git
  revision: e8563a6234b4f60f8d756d89b3b35026a467694e
  ref: e8563
  specs:
    arel (2.0.7.beta.20110228092631)

GIT
  remote: https://github.com/rails/rails.git
  revision: a000fc58b8bc288ca9c60566afc1e1943f5d6083
  ref: a000f
  specs:
    actionmailer (3.1.0.beta)
      actionpack (= 3.1.0.beta)
      mail (~> 2.2.15)
    actionpack (3.1.0.beta)
      activemodel (= 3.1.0.beta)
      activesupport (= 3.1.0.beta)
      builder (~> 3.0.0)
      erubis (~> 2.7.0)
      i18n (~> 0.5.0)
      rack (~> 1.2.1)
      rack-cache (~> 1.0.0)
      rack-mount (~> 0.7.1)
      rack-test (~> 0.5.7)
      tzinfo (~> 0.3.23)
    activemodel (3.1.0.beta)
      activesupport (= 3.1.0.beta)
      bcrypt-ruby (~> 2.1.4)
      builder (~> 3.0.0)
      i18n (~> 0.5.0)
    activerecord (3.1.0.beta)
      activemodel (= 3.1.0.beta)
      activesupport (= 3.1.0.beta)
      arel (~> 2.0.2)
      tzinfo (~> 0.3.23)
    activeresource (3.1.0.beta)
      activemodel (= 3.1.0.beta)
      activesupport (= 3.1.0.beta)
    activesupport (3.1.0.beta)
    rails (3.1.0.beta)
      actionmailer (= 3.1.0.beta)
      actionpack (= 3.1.0.beta)
      activerecord (= 3.1.0.beta)
      activeresource (= 3.1.0.beta)
      activesupport (= 3.1.0.beta)
      bundler (~> 1.0)
      railties (= 3.1.0.beta)
    railties (3.1.0.beta)
      actionpack (= 3.1.0.beta)
      activesupport (= 3.1.0.beta)
      rack-ssl (~> 1.3.2)
      rake (>= 0.8.7)
      thor (~> 0.14.4)
      turn (~> 0.8.2)

PATH
  remote: lib/workflow-dav
  specs:
    workflow-dav (0.1.0)
      activesupport
      builder
      rack
      sinatra
      workflow-incopy

PATH
  remote: lib/workflow-forms
  specs:
    workflow-forms (0.0.0)

PATH
  remote: lib/workflow-incopy
  specs:
    workflow-incopy (0.1.0)
      nokogiri

GEM
  remote: http://rubygems.org/
  specs:
    ansi (1.2.2)
    authlogic (2.1.6)
      activesupport
    bcrypt-ruby (2.1.4)
    builder (3.0.0)
    erubis (2.7.0)
    factory_girl (1.3.3)
    factory_girl_rails (1.0.1)
      factory_girl (~> 1.3)
      railties (>= 3.0.0)
    has_scope (0.5.0)
    high_voltage (0.9.3)
    i18n (0.5.0)
    inherited_resources (1.2.1)
      has_scope (~> 0.5.0)
      responders (~> 0.6.0)
    kgio (2.3.3)
    mail (2.2.15)
      activesupport (>= 2.3.6)
      i18n (>= 0.4.0)
      mime-types (~> 1.16)
      treetop (~> 1.4.8)
    mime-types (1.16)
    nokogiri (1.4.4)
    paperclip (2.3.8)
      activerecord
      activesupport
    polyglot (0.3.1)
    rack-cache (1.0)
      rack (>= 0.4)
    rack-mount (0.7.1)
      rack (>= 1.0.0)
    rack-ssl (1.3.2)
      rack
    rack-test (0.5.7)
      rack (>= 1.0)
    rake (0.8.7)
    responders (0.6.2)
    sinatra (1.2.1)
      rack (~> 1.1)
      tilt (>= 1.2.2, < 2.0)
    sqlite3 (1.3.3)
    sqlite3-ruby (1.3.3)
      sqlite3 (>= 1.3.3)
    thor (0.14.6)
    tilt (1.2.2)
    treetop (1.4.9)
      polyglot (>= 0.3.1)
    turn (0.8.2)
      ansi (>= 1.2.2)
    tzinfo (0.3.26)
    unicorn (3.5.0)
      kgio (~> 2.3)
      rack
    yaml_db (0.2.0)

PLATFORMS
  ruby

DEPENDENCIES
  arel!
  authlogic
  factory_girl_rails
  high_voltage
  htmldiff!
  inherited_resources (~> 1.2.1)
  paperclip (~> 2.3)
  rack!
  rails!
  responders
  sinatra
  sqlite3-ruby
  unicorn
  workflow-dav!
  workflow-forms!
  workflow-incopy!
  yaml_db
